GIT
  remote: https://github.com/CDRH/datura.git
  revision: e3dbc4f3f1460932a4823b7ce8a8cceff4e3e093
  tag: v0.1.6
  specs:
    datura (0.1.6)
      colorize (~> 0.8.1)
      nokogiri (~> 1.8)
      rest-client (~> 2.0.2)

GEM
  remote: https://rubygems.org/
  specs:
    colorize (0.8.1)
    domain_name (0.5.20190701)
      unf (>= 0.0.5, < 1.0.0)
    http-cookie (1.0.3)
      domain_name (~> 0.5)
    mime-types (3.3.1)
      mime-types-data (~> 3.2015)
    mime-types-data (3.2020.0512)
    mini_portile2 (2.4.0)
    netrc (0.11.0)
    nokogiri (1.10.9)
      mini_portile2 (~> 2.4.0)
    rest-client (2.0.2)
      http-cookie (>= 1.0.2, < 2.0)
      mime-types (>= 1.16, < 4.0)
      netrc (~> 0.8)
    unf (0.1.4)
      unf_ext
    unf_ext (0.0.7.7)

PLATFORMS
  ruby

DEPENDENCIES
  datura!

BUNDLED WITH
   2.1.4
